GIT
  remote: https://github.com/danger/danger.git
  revision: 37ba70ab8d249d38657a407f1011eb660c5c6446
  branch: lint
  specs:
    danger (0.8.3)
      claide (~> 1.0)
      colored (~> 1.2)
      cork (~> 0.1)
      faraday (~> 0)
      git (~> 1)
      octokit (~> 4.2)
      redcarpet (~> 3.3)
      terminal-table (~> 1)

GEM
  remote: https://rubygems.org/
  specs:
    addressable (2.4.0)
    claide (1.0.0)
    coderay (1.1.1)
    colored (1.2)
    cork (0.1.0)
      colored (~> 1.2)
    faraday (0.9.2)
      multipart-post (>= 1.2, < 3)
    git (1.3.0)
    method_source (0.8.2)
    middleman-gh-pages (0.3.1)
      rake (> 0.9.3)
    multipart-post (2.0.0)
    octokit (4.3.0)
      sawyer (~> 0.7.0, >= 0.5.3)
    pry (0.10.3)
      coderay (~> 1.1.0)
      method_source (~> 0.8.1)
      slop (~> 3.4)
    rake (10.5.0)
    redcarpet (3.3.4)
    sawyer (0.7.0)
      addressable (>= 2.3.5, < 2.5)
      faraday (~> 0.8, < 0.10)
    slop (3.6.0)
    terminal-table (1.6.0)
    yard (0.8.7.6)

PLATFORMS
  ruby

DEPENDENCIES
  danger!
  middleman-gh-pages
  pry (~> 0.10)
  rake (~> 10.0)
  yard (~> 0.8)

BUNDLED WITH
   1.12.5
